GEM
  remote: https://rubygems.org/
  specs:
    rake (12.1.0)

PLATFORMS
  x64-mingw32

DEPENDENCIES
  rake

BUNDLED WITH
   1.14.6
